GEM
  remote: https://rubygems.org/
  specs:
    addressable (2.3.8)
    ansi (1.5.0)
    aws-sdk (1.67.0)
      aws-sdk-v1 (= 1.67.0)
    aws-sdk-v1 (1.67.0)
      json (~> 1.4)
      nokogiri (~> 1)
    boxen (2.6.0)
      ansi (~> 1.4)
      hiera (~> 1.0)
      highline (~> 1.6)
      json_pure (>= 1.7.7, < 2.0)
      librarian-puppet (~> 1.0.0)
      octokit (~> 2.7, >= 2.7.1)
      puppet (~> 3.0)
    builder (3.2.4)
    deep_merge (1.0.1)
    diff-lcs (1.2.5)
    facter (2.5.7)
    faraday (0.9.2)
      multipart-post (>= 1.2, < 3)
    hiera (1.3.4)
      json_pure
    highline (1.7.10)
    json (1.8.6)
    json_pure (1.8.6)
    librarian (0.1.2)
      highline
      thor (~> 0.15)
    librarian-puppet (1.0.9)
      json
      librarian (>= 0.1.2)
    metaclass (0.0.4)
    mini_portile2 (2.4.0)
    mocha (1.1.0)
      metaclass (~> 0.0.1)
    multipart-post (2.1.1)
    net-ssh (2.9.1)
    nokogiri (1.10.10)
      mini_portile2 (~> 2.4.0)
    octokit (2.7.2)
      sawyer (~> 0.5.2)
    open4 (1.3.4)
    optimist (3.0.1)
    puppet (3.6.1)
      facter (> 1.6, < 3)
      hiera (~> 1.0)
      json_pure
      rgen (~> 0.6.5)
    puppet-lint (0.3.2)
    puppetlabs_spec_helper (0.4.1)
      mocha (>= 0.10.5)
      rake
      rspec (>= 2.9.0)
      rspec-puppet (>= 0.1.1)
    rake (10.3.2)
    rbvmomi (2.4.1)
      builder (~> 3.0)
      json (>= 1.8)
      nokogiri (~> 1.5)
      optimist (~> 3.0)
    rgen (0.6.6)
    rspec (3.0.0)
      rspec-core (~> 3.0.0)
      rspec-expectations (~> 3.0.0)
      rspec-mocks (~> 3.0.0)
    rspec-core (3.0.3)
      rspec-support (~> 3.0.0)
    rspec-expectations (3.0.3)
      diff-lcs (>= 1.2.0, < 2.0)
      rspec-support (~> 3.0.0)
    rspec-mocks (3.0.3)
      rspec-support (~> 3.0.0)
    rspec-puppet (1.0.1)
      rspec
    rspec-support (3.0.3)
    sawyer (0.5.5)
      addressable (~> 2.3.5)
      faraday (~> 0.8, < 0.10)
    thor (0.20.3)

PLATFORMS
  ruby

DEPENDENCIES
  aws-sdk (~> 1.67, >= 1.67.0)
  boxen (~> 2.6, >= 2.6.0)
  deep_merge (~> 1.0)
  hiera (~> 1.3.3)
  librarian-puppet (~> 1.0.5)
  net-ssh
  open4 (~> 1.3.4)
  puppet (= 3.6.1)
  puppet-lint (= 0.3.2)
  puppetlabs_spec_helper (= 0.4.1)
  rake (= 10.3.2)
  rbvmomi (>= 1.8.1)
  rspec-puppet (= 1.0.1)

BUNDLED WITH
   1.17.3
